PATH
  remote: .
  specs:
    dic (1.0.0)

GEM
  remote: http://rubygems.org/
  specs:
    rake (10.0.2)

PLATFORMS
  ruby

DEPENDENCIES
  dic!
  rake
